GEM
  remote: https://rubygems.org/
  specs:
    byebug (11.1.3)
    csv (3.2.8)
    dotenv (3.0.2)
    hashie (5.0.0)
    json (2.7.1)
    net-http (0.4.0)
      uri
    oauth (1.1.0)
      oauth-tty (~> 1.0, >= 1.0.1)
      snaky_hash (~> 2.0)
      version_gem (~> 1.1)
    oauth-tty (1.0.5)
      version_gem (~> 1.1, >= 1.1.1)
    snaky_hash (2.0.1)
      hashie
      version_gem (~> 1.1, >= 1.1.1)
    uri (0.13.0)
    version_gem (1.1.3)

PLATFORMS
  arm64-darwin-22

DEPENDENCIES
  byebug
  csv
  dotenv
  json
  net-http
  oauth

BUNDLED WITH
   2.4.6
